PATH
  remote: .
  specs:
    zigzag (1.0.0)

GEM
  remote: https://rubygems.org/
  specs:
    rake (13.0.1)

PLATFORMS
  ruby

DEPENDENCIES
  bundler
  rake
  zigzag!

RUBY VERSION
   ruby 2.6.0p0

BUNDLED WITH
   2.1.2
